GEM
  remote: https://rubygems.org/
  specs:
    byebug (11.1.3)
    m3u8 (0.8.2)
    mini_portile2 (2.4.0)
    nokogiri (1.10.10)
      mini_portile2 (~> 2.4.0)

PLATFORMS
  ruby

DEPENDENCIES
  byebug
  m3u8
  nokogiri

BUNDLED WITH
   1.17.2
